GEM
  remote: http://rubygems.org/
  specs:
    haml (3.1.4)
    httparty (0.8.1)
      multi_json
      multi_xml
    i18n (0.6.1)
    mail (2.4.4)
      i18n (>= 0.4.0)
      mime-types (~> 1.16)
      treetop (~> 1.4.8)
    mime-types (1.19)
    multi_json (1.0.3)
    multi_xml (0.4.1)
    nokogiri (1.5.0)
    polyglot (0.3.3)
    pony (1.4)
      mail (> 2.0)
    r18n-core (1.1.0)
    rack (1.3.5)
    rack-protection (1.2.0)
      rack
    sass (3.2.1)
    sinatra (1.3.1)
      rack (~> 1.3, >= 1.3.4)
      rack-protection (~> 1.1, >= 1.1.2)
      tilt (~> 1.3, >= 1.3.3)
    sinatra-r18n (1.1.0)
      r18n-core (= 1.1.0)
      sinatra (>= 1.3)
    tilt (1.3.3)
    treetop (1.4.11)
      polyglot
      polyglot (>= 0.3.1)

PLATFORMS
  ruby

DEPENDENCIES
  haml
  httparty
  nokogiri
  pony
  rack
  sass
  sinatra
  sinatra-r18n
